GEM
  remote: https://rubygems.org/
  specs:
    coderay (1.1.3)
    method_source (1.0.0)
    pry (0.14.1)
      coderay (~> 1.1)
      method_source (~> 1.0)
    rack (3.0.4.1)
    roda (3.43.1)
      rack
    sequel (5.44.0)
    sqlite3 (1.4.2)

PLATFORMS
  ruby

DEPENDENCIES
  pry
  roda
  sequel
  sqlite3

BUNDLED WITH
   2.1.4
